GEM
  remote: https://rubygems.org/
  specs:
    asciidoctor (2.0.17)
    asciidoctor-revealjs (4.1.0)
      asciidoctor (>= 2.0.0, < 3.0.0)
      concurrent-ruby (~> 1.0)
      thread_safe (~> 0.3.5)
    concurrent-ruby (1.1.10)
    ffi (1.15.5)
    listen (3.7.1)
      rb-fsevent (~> 0.10, >= 0.10.3)
      rb-inotify (~> 0.9, >= 0.9.10)
    rb-fsevent (0.11.1)
    rb-inotify (0.10.1)
      ffi (~> 1.0)
    thread_safe (0.3.6)

PLATFORMS
  arm64-darwin-21

DEPENDENCIES
  asciidoctor-revealjs
  listen

BUNDLED WITH
   2.3.13
